GEM
  remote: https://rubygems.org/
  specs:
    little-plugger (1.1.3)
    logging (1.8.2)
      little-plugger (>= 1.1.3)
      multi_json (>= 1.8.4)
    multi_json (1.11.0)
    zk (1.9.5)
      logging (~> 1.8.2)
      zookeeper (~> 1.4.0)
    zookeeper (1.4.10)

PLATFORMS
  ruby

DEPENDENCIES
  zk
